GIT
  remote: git://github.com/nexusventuri/reverse-markdown.git
  revision: 7bfe8fb8ab5832c8ad25c3c281e05a694bc0b1fa
  specs:
    reverse-markdown (0.1.0)

GEM
  remote: http://rubygems.org/
  specs:
    diff-lcs (1.1.3)
    nokogiri (1.5.0)
    rspec (2.6.0)
      rspec-core (~> 2.6.0)
      rspec-expectations (~> 2.6.0)
      rspec-mocks (~> 2.6.0)
    rspec-core (2.6.4)
    rspec-expectations (2.6.0)
      diff-lcs (~> 1.1.2)
    rspec-mocks (2.6.0)

PLATFORMS
  ruby

DEPENDENCIES
  nokogiri
  reverse-markdown!
  rspec
